PATH
  remote: .
  specs:
    openlib (0.1.2)

GEM
  remote: https://rubygems.org/
  specs:
    byebug (11.1.2)
    minitest (5.14.0)
    rake (12.3.3)

PLATFORMS
  ruby

DEPENDENCIES
  byebug
  minitest (~> 5.0)
  openlib!
  rake (~> 12.0)

BUNDLED WITH
   2.1.4
